GEM
  remote: https://rubygems.org/
  specs:
    colorize (0.8.1)
    git (1.3.0)

PLATFORMS
  ruby

DEPENDENCIES
  colorize
  git

BUNDLED WITH
   1.16.1
